GEM
  remote: https://rubygems.org/
  specs:
    coderay (1.1.3)
    concurrent-ruby (1.1.10)
    diff-lcs (1.5.0)
    faker (2.21.0)
      i18n (>= 1.8.11, < 2)
    i18n (1.11.0)
      concurrent-ruby (~> 1.0)
    json (2.6.2)
    mail (2.7.1)
      mini_mime (>= 0.1.1)
    method_source (1.0.0)
    mini_mime (1.1.2)
    postmark (1.21.8)
      json
    pry (0.14.1)
      coderay (~> 1.1)
      method_source (~> 1.0)
    rspec (3.11.0)
      rspec-core (~> 3.11.0)
      rspec-expectations (~> 3.11.0)
      rspec-mocks (~> 3.11.0)
    rspec-core (3.11.0)
      rspec-support (~> 3.11.0)
    rspec-expectations (3.11.0)
      diff-lcs (>= 1.2.0, < 2.0)
      rspec-support (~> 3.11.0)
    rspec-mocks (3.11.1)
      diff-lcs (>= 1.2.0, < 2.0)
      rspec-support (~> 3.11.0)
    rspec-support (3.11.0)
    secure_yaml (2.0.2)
    wbconfigurator (0.3.2)
      secure_yaml (~> 2.0)

PLATFORMS
  ruby

DEPENDENCIES
  faker
  mail (~> 2.7.1)
  postmark (~> 1.21.1)
  pry
  rspec
  wbconfigurator

BUNDLED WITH
   1.17.3
